GEM
  remote: https://rubygems.org/
  specs:
    luhn-ruby (1.0.0)

PLATFORMS
  ruby

DEPENDENCIES
  luhn-ruby
